GEM
  remote: https://rubygems.org/
  specs:
    backports (3.6.4)
    multi_json (1.11.0)
    nio4r (2.5.7)
    puma (4.3.8)
      nio4r (~> 2.0)
    rack (1.6.13)
    rack-protection (1.5.5)
      rack
    rack-test (0.6.3)
      rack (>= 1.0)
    sinatra (1.4.6)
      rack (~> 1.4)
      rack-protection (~> 1.4)
      tilt (>= 1.3, < 3)
    sinatra-contrib (1.4.2)
      backports (>= 2.0)
      multi_json
      rack-protection
      rack-test
      sinatra (~> 1.4.0)
      tilt (~> 1.3)
    tilt (1.4.1)

PLATFORMS
  ruby

DEPENDENCIES
  puma
  sinatra-contrib
